GEM
  remote: https://rubygems.org/
  specs:
    mini_magick (4.2.4)
    rack (1.6.1)
    rack-protection (1.5.3)
      rack
    sinatra (1.4.6)
      rack (~> 1.4)
      rack-protection (~> 1.4)
      tilt (>= 1.3, < 3)
    tilt (2.0.1)

PLATFORMS
  x86-mingw32

DEPENDENCIES
  mini_magick
  sinatra (~> 1.4.6)
